PATH
  remote: .
  specs:
    sunspot_mongoid (0.4.1)
      mongoid
      sunspot (>= 1.1.0)
      sunspot_rails (>= 1.1.0)

GEM
  remote: http://rubygems.org/
  specs:
    activemodel (3.1.1)
      activesupport (= 3.1.1)
      builder (~> 3.0.0)
      i18n (~> 0.6)
    activesupport (3.1.1)
      multi_json (~> 1.0)
    bson (1.4.0)
    builder (3.0.0)
    escape (0.0.4)
    git (1.2.5)
    i18n (0.6.0)
    jeweler (1.6.4)
      bundler (~> 1.0)
      git (>= 1.2.5)
      rake
    mongo (1.4.0)
      bson (= 1.4.0)
    mongoid (2.3.3)
      activemodel (~> 3.1)
      mongo (~> 1.3)
      tzinfo (~> 0.3.22)
    multi_json (1.0.3)
    nokogiri (1.5.0)
    pr_geohash (1.0.0)
    rake (0.8.7)
    rr (1.0.4)
    rsolr (0.12.1)
      builder (>= 2.1.2)
    shoulda (2.11.3)
    sunspot (1.2.1)
      escape (= 0.0.4)
      pr_geohash (~> 1.0)
      rsolr (= 0.12.1)
    sunspot_rails (1.2.1)
      nokogiri
      sunspot (= 1.2.1)
    tzinfo (0.3.30)

PLATFORMS
  ruby

DEPENDENCIES
  jeweler
  rake
  rr
  shoulda
  sunspot_mongoid!
